GIT
  remote: https://github.com/paper-trail-gem/paper_trail.git
  revision: a59be6df201303e525feafe60f453bc4dc83331a
  branch: 5-stable
  specs:
    paper_trail (5.2.3)
      activerecord (>= 3.0, < 6.0)
      request_store (~> 1.1)

GEM
  remote: https://rubygems.org/
  specs:
    actioncable (5.0.7.1)
      actionpack (= 5.0.7.1)
      nio4r (>= 1.2, < 3.0)
      websocket-driver (~> 0.6.1)
    actionmailer (5.0.7.1)
      actionpack (= 5.0.7.1)
      actionview (= 5.0.7.1)
      activejob (= 5.0.7.1)
      mail (~> 2.5, >= 2.5.4)
      rails-dom-testing (~> 2.0)
    actionpack (5.0.7.1)
      actionview (= 5.0.7.1)
      activesupport (= 5.0.7.1)
      rack (~> 2.0)
      rack-test (~> 0.6.3)
      rails-dom-testing (~> 2.0)
      rails-html-sanitizer (~> 1.0, >= 1.0.2)
    actionview (5.0.7.1)
      activesupport (= 5.0.7.1)
      builder (~> 3.1)
      erubis (~> 2.7.0)
      rails-dom-testing (~> 2.0)
      rails-html-sanitizer (~> 1.0, >= 1.0.3)
    active_model_serializers (0.8.4)
      activemodel (>= 3.0)
    activeadmin (2.4.0)
      arbre (~> 1.2, >= 1.2.1)
      formtastic (~> 3.1)
      formtastic_i18n (~> 0.4)
      inherited_resources (~> 1.7)
      jquery-rails (~> 4.2)
      kaminari (~> 1.0, >= 1.0.1)
      railties (>= 5.0, < 6.1)
      ransack (~> 2.1, >= 2.1.1)
      sassc-rails (~> 2.1)
      sprockets (>= 3.0, < 4.1)
      sprockets-es6 (~> 0.9, >= 0.9.2)
    activejob (5.0.7.1)
      activesupport (= 5.0.7.1)
      globalid (>= 0.3.6)
    activemodel (5.0.7.1)
      activesupport (= 5.0.7.1)
    activerecord (5.0.7.1)
      activemodel (= 5.0.7.1)
      activesupport (= 5.0.7.1)
      arel (~> 7.0)
    activesupport (5.0.7.1)
      concurrent-ruby (~> 1.0, >= 1.0.2)
      i18n (>= 0.7, < 2)
      minitest (~> 5.1)
      tzinfo (~> 1.1)
    addressable (2.7.0)
      public_suffix (>= 2.0.2, < 5.0)
    arbre (1.2.1)
      activesupport (>= 3.0.0)
    arel (7.1.4)
    ast (2.4.0)
    auto-session-timeout (0.9.5)
    aws-eventstream (1.0.3)
    aws-partitions (1.221.0)
    aws-sdk (3.0.1)
      aws-sdk-resources (~> 3)
    aws-sdk-acm (1.25.0)
      aws-sdk-core (~> 3, >= 3.61.1)
      aws-sigv4 (~> 1.1)
    aws-sdk-acmpca (1.20.0)
      aws-sdk-core (~> 3, >= 3.61.1)
      aws-sigv4 (~> 1.1)
    aws-sdk-alexaforbusiness (1.30.0)
      aws-sdk-core (~> 3, >= 3.61.1)
      aws-sigv4 (~> 1.1)
    aws-sdk-amplify (1.11.0)
      aws-sdk-core (~> 3, >= 3.61.1)
      aws-sigv4 (~> 1.1)
    aws-sdk-apigateway (1.35.0)
      aws-sdk-core (~> 3, >= 3.61.1)
      aws-sigv4 (~> 1.1)
    aws-sdk-apigatewaymanagementapi (1.9.0)
      aws-sdk-core (~> 3, >= 3.61.1)
      aws-sigv4 (~> 1.1)
    aws-sdk-apigatewayv2 (1.13.0)
      aws-sdk-core (~> 3, >= 3.61.1)
      aws-sigv4 (~> 1.1)
    aws-sdk-applicationautoscaling (1.31.0)
      aws-sdk-core (~> 3, >= 3.61.1)
      aws-sigv4 (~> 1.1)
    aws-sdk-applicationdiscoveryservice (1.21.0)
      aws-sdk-core (~> 3, >= 3.61.1)
      aws-sigv4 (~> 1.1)
    aws-sdk-applicationinsights (1.3.0)
      aws-sdk-core (~> 3, >= 3.61.1)
      aws-sigv4 (~> 1.1)
    aws-sdk-appmesh (1.16.0)
      aws-sdk-core (~> 3, >= 3.61.1)
      aws-sigv4 (~> 1.1)
    aws-sdk-appstream (1.36.0)
      aws-sdk-core (~> 3, >= 3.61.1)
      aws-sigv4 (~> 1.1)
    aws-sdk-appsync (1.20.0)
      aws-sdk-core (~> 3, >= 3.61.1)
      aws-sigv4 (~> 1.1)
    aws-sdk-athena (1.20.0)
      aws-sdk-core (~> 3, >= 3.61.1)
      aws-sigv4 (~> 1.1)
    aws-sdk-autoscaling (1.28.0)
      aws-sdk-core (~> 3, >= 3.61.1)
      aws-sigv4 (~> 1.1)
    aws-sdk-autoscalingplans (1.18.0)
      aws-sdk-core (~> 3, >= 3.61.1)
      aws-sigv4 (~> 1.1)
    aws-sdk-backup (1.9.0)
      aws-sdk-core (~> 3, >= 3.61.1)
      aws-sigv4 (~> 1.1)
    aws-sdk-batch (1.25.0)
      aws-sdk-core (~> 3, >= 3.61.1)
      aws-sigv4 (~> 1.1)
    aws-sdk-budgets (1.25.0)
      aws-sdk-core (~> 3, >= 3.61.1)
      aws-sigv4 (~> 1.1)
    aws-sdk-chime (1.13.0)
      aws-sdk-core (~> 3, >= 3.61.1)
      aws-sigv4 (~> 1.1)
    aws-sdk-cloud9 (1.17.0)
      aws-sdk-core (~> 3, >= 3.61.1)
      aws-sigv4 (~> 1.1)
    aws-sdk-clouddirectory (1.20.0)
      aws-sdk-core (~> 3, >= 3.61.1)
      aws-sigv4 (~> 1.1)
    aws-sdk-cloudformation (1.25.0)
      aws-sdk-core (~> 3, >= 3.61.1)
      aws-sigv4 (~> 1.1)
    aws-sdk-cloudfront (1.22.1)
      aws-sdk-core (~> 3, >= 3.61.1)
      aws-sigv4 (~> 1.1)
    aws-sdk-cloudhsm (1.18.0)
      aws-sdk-core (~> 3, >= 3.61.1)
      aws-sigv4 (~> 1.1)
    aws-sdk-cloudhsmv2 (1.18.0)
      aws-sdk-core (~> 3, >= 3.61.1)
      aws-sigv4 (~> 1.1)
    aws-sdk-cloudsearch (1.15.0)
      aws-sdk-core (~> 3, >= 3.61.1)
      aws-sigv4 (~> 1.1)
    aws-sdk-cloudsearchdomain (1.15.0)
      aws-sdk-core (~> 3, >= 3.61.1)
      aws-sigv4 (~> 1.1)
    aws-sdk-cloudtrail (1.17.0)
      aws-sdk-core (~> 3, >= 3.61.1)
      aws-sigv4 (~> 1.1)
    aws-sdk-cloudwatch (1.28.0)
      aws-sdk-core (~> 3, >= 3.61.1)
      aws-sigv4 (~> 1.1)
    aws-sdk-cloudwatchevents (1.24.0)
      aws-sdk-core (~> 3, >= 3.61.1)
      aws-sigv4 (~> 1.1)
    aws-sdk-cloudwatchlogs (1.25.0)
      aws-sdk-core (~> 3, >= 3.61.1)
      aws-sigv4 (~> 1.1)
    aws-sdk-codebuild (1.40.0)
      aws-sdk-core (~> 3, >= 3.61.1)
      aws-sigv4 (~> 1.1)
    aws-sdk-codecommit (1.28.0)
      aws-sdk-core (~> 3, >= 3.61.1)
      aws-sigv4 (~> 1.1)
    aws-sdk-codedeploy (1.26.0)
      aws-sdk-core (~> 3, >= 3.61.1)
      aws-sigv4 (~> 1.1)
    aws-sdk-codepipeline (1.25.0)
      aws-sdk-core (~> 3, >= 3.61.1)
      aws-sigv4 (~> 1.1)
    aws-sdk-codestar (1.17.0)
      aws-sdk-core (~> 3, >= 3.61.1)
      aws-sigv4 (~> 1.1)
    aws-sdk-cognitoidentity (1.16.0)
      aws-sdk-core (~> 3, >= 3.61.1)
      aws-sigv4 (~> 1.1)
    aws-sdk-cognitoidentityprovider (1.26.0)
      aws-sdk-core (~> 3, >= 3.61.1)
      aws-sigv4 (~> 1.1)
    aws-sdk-cognitosync (1.15.0)
      aws-sdk-core (~> 3, >= 3.61.1)
      aws-sigv4 (~> 1.1)
    aws-sdk-comprehend (1.25.0)
      aws-sdk-core (~> 3, >= 3.61.1)
      aws-sigv4 (~> 1.1)
    aws-sdk-comprehendmedical (1.9.0)
      aws-sdk-core (~> 3, >= 3.61.1)
      aws-sigv4 (~> 1.1)
    aws-sdk-configservice (1.37.0)
      aws-sdk-core (~> 3, >= 3.61.1)
      aws-sigv4 (~> 1.1)
    aws-sdk-connect (1.19.0)
      aws-sdk-core (~> 3, >= 3.61.1)
      aws-sigv4 (~> 1.1)
    aws-sdk-core (3.68.1)
      aws-eventstream (~> 1.0, >= 1.0.2)
      aws-partitions (~> 1.0)
      aws-sigv4 (~> 1.1)
      jmespath (~> 1.0)
    aws-sdk-costandusagereportservice (1.17.0)
      aws-sdk-core (~> 3, >= 3.61.1)
      aws-sigv4 (~> 1.1)
    aws-sdk-costexplorer (1.29.0)
      aws-sdk-core (~> 3, >= 3.61.1)
      aws-sigv4 (~> 1.1)
    aws-sdk-databasemigrationservice (1.28.0)
      aws-sdk-core (~> 3, >= 3.61.1)
      aws-sigv4 (~> 1.1)
    aws-sdk-datapipeline (1.15.0)
      aws-sdk-core (~> 3, >= 3.61.1)
      aws-sigv4 (~> 1.1)
    aws-sdk-datasync (1.14.0)
      aws-sdk-core (~> 3, >= 3.61.1)
      aws-sigv4 (~> 1.1)
    aws-sdk-dax (1.17.0)
      aws-sdk-core (~> 3, >= 3.61.1)
      aws-sigv4 (~> 1.1)
    aws-sdk-devicefarm (1.28.0)
      aws-sdk-core (~> 3, >= 3.61.1)
      aws-sigv4 (~> 1.1)
    aws-sdk-directconnect (1.25.0)
      aws-sdk-core (~> 3, >= 3.61.1)
      aws-sigv4 (~> 1.1)
    aws-sdk-directoryservice (1.21.0)
      aws-sdk-core (~> 3, >= 3.61.1)
      aws-sigv4 (~> 1.1)
    aws-sdk-dlm (1.18.0)
      aws-sdk-core (~> 3, >= 3.61.1)
      aws-sigv4 (~> 1.1)
    aws-sdk-docdb (1.11.0)
      aws-sdk-core (~> 3, >= 3.61.1)
      aws-sigv4 (~> 1.1)
    aws-sdk-dynamodb (1.36.0)
      aws-sdk-core (~> 3, >= 3.61.1)
      aws-sigv4 (~> 1.1)
    aws-sdk-dynamodbstreams (1.15.0)
      aws-sdk-core (~> 3, >= 3.61.1)
      aws-sigv4 (~> 1.1)
    aws-sdk-ec2 (1.111.0)
      aws-sdk-core (~> 3, >= 3.61.1)
      aws-sigv4 (~> 1.1)
    aws-sdk-ec2instanceconnect (1.2.0)
      aws-sdk-core (~> 3, >= 3.61.1)
      aws-sigv4 (~> 1.1)
    aws-sdk-ecr (1.20.0)
      aws-sdk-core (~> 3, >= 3.61.1)
      aws-sigv4 (~> 1.1)
    aws-sdk-ecs (1.51.0)
      aws-sdk-core (~> 3, >= 3.61.1)
      aws-sigv4 (~> 1.1)
    aws-sdk-efs (1.21.0)
      aws-sdk-core (~> 3, >= 3.61.1)
      aws-sigv4 (~> 1.1)
    aws-sdk-eks (1.26.0)
      aws-sdk-core (~> 3, >= 3.61.1)
      aws-sigv4 (~> 1.1)
    aws-sdk-elasticache (1.25.0)
      aws-sdk-core (~> 3, >= 3.61.1)
      aws-sigv4 (~> 1.1)
    aws-sdk-elasticbeanstalk (1.25.0)
      aws-sdk-core (~> 3, >= 3.61.1)
      aws-sigv4 (~> 1.1)
    aws-sdk-elasticloadbalancing (1.18.0)
      aws-sdk-core (~> 3, >= 3.61.1)
      aws-sigv4 (~> 1.1)
    aws-sdk-elasticloadbalancingv2 (1.34.0)
      aws-sdk-core (~> 3, >= 3.61.1)
      aws-sigv4 (~> 1.1)
    aws-sdk-elasticsearchservice (1.27.0)
      aws-sdk-core (~> 3, >= 3.61.1)
      aws-sigv4 (~> 1.1)
    aws-sdk-elastictranscoder (1.17.0)
      aws-sdk-core (~> 3, >= 3.61.1)
      aws-sigv4 (~> 1.1)
    aws-sdk-emr (1.21.0)
      aws-sdk-core (~> 3, >= 3.61.1)
      aws-sigv4 (~> 1.1)
    aws-sdk-eventbridge (1.2.0)
      aws-sdk-core (~> 3, >= 3.61.1)
      aws-sigv4 (~> 1.1)
    aws-sdk-firehose (1.22.0)
      aws-sdk-core (~> 3, >= 3.61.1)
      aws-sigv4 (~> 1.1)
    aws-sdk-fms (1.18.0)
      aws-sdk-core (~> 3, >= 3.61.1)
      aws-sigv4 (~> 1.1)
    aws-sdk-forecastqueryservice (1.0.0)
      aws-sdk-core (~> 3, >= 3.61.1)
      aws-sigv4 (~> 1.1)
    aws-sdk-forecastservice (1.0.0)
      aws-sdk-core (~> 3, >= 3.61.1)
      aws-sigv4 (~> 1.1)
    aws-sdk-fsx (1.11.0)
      aws-sdk-core (~> 3, >= 3.61.1)
      aws-sigv4 (~> 1.1)
    aws-sdk-gamelift (1.24.0)
      aws-sdk-core (~> 3, >= 3.61.1)
      aws-sigv4 (~> 1.1)
    aws-sdk-glacier (1.25.0)
      aws-sdk-core (~> 3, >= 3.61.1)
      aws-sigv4 (~> 1.1)
    aws-sdk-globalaccelerator (1.12.0)
      aws-sdk-core (~> 3, >= 3.61.1)
      aws-sigv4 (~> 1.1)
    aws-sdk-glue (1.45.0)
      aws-sdk-core (~> 3, >= 3.61.1)
      aws-sigv4 (~> 1.1)
    aws-sdk-greengrass (1.25.0)
      aws-sdk-core (~> 3, >= 3.61.1)
      aws-sigv4 (~> 1.1)
    aws-sdk-groundstation (1.3.0)
      aws-sdk-core (~> 3, >= 3.61.1)
      aws-sigv4 (~> 1.1)
    aws-sdk-guardduty (1.23.0)
      aws-sdk-core (~> 3, >= 3.61.1)
      aws-sigv4 (~> 1.1)
    aws-sdk-health (1.19.0)
      aws-sdk-core (~> 3, >= 3.61.1)
      aws-sigv4 (~> 1.1)
    aws-sdk-iam (1.30.0)
      aws-sdk-core (~> 3, >= 3.61.1)
      aws-sigv4 (~> 1.1)
    aws-sdk-importexport (1.15.0)
      aws-sdk-core (~> 3, >= 3.61.1)
      aws-sigv2 (~> 1.0)
    aws-sdk-inspector (1.22.0)
      aws-sdk-core (~> 3, >= 3.61.1)
      aws-sigv4 (~> 1.1)
    aws-sdk-iot (1.37.0)
      aws-sdk-core (~> 3, >= 3.61.1)
      aws-sigv4 (~> 1.1)
    aws-sdk-iot1clickdevicesservice (1.17.0)
      aws-sdk-core (~> 3, >= 3.61.1)
      aws-sigv4 (~> 1.1)
    aws-sdk-iot1clickprojects (1.17.0)
      aws-sdk-core (~> 3, >= 3.61.1)
      aws-sigv4 (~> 1.1)
    aws-sdk-iotanalytics (1.24.0)
      aws-sdk-core (~> 3, >= 3.61.1)
      aws-sigv4 (~> 1.1)
    aws-sdk-iotdataplane (1.15.0)
      aws-sdk-core (~> 3, >= 3.61.1)
      aws-sigv4 (~> 1.1)
    aws-sdk-iotevents (1.4.0)
      aws-sdk-core (~> 3, >= 3.61.1)
      aws-sigv4 (~> 1.1)
    aws-sdk-ioteventsdata (1.4.0)
      aws-sdk-core (~> 3, >= 3.61.1)
      aws-sigv4 (~> 1.1)
    aws-sdk-iotjobsdataplane (1.16.0)
      aws-sdk-core (~> 3, >= 3.61.1)
      aws-sigv4 (~> 1.1)
    aws-sdk-iotthingsgraph (1.3.0)
      aws-sdk-core (~> 3, >= 3.61.1)
      aws-sigv4 (~> 1.1)
    aws-sdk-kafka (1.12.0)
      aws-sdk-core (~> 3, >= 3.61.1)
      aws-sigv4 (~> 1.1)
    aws-sdk-kinesis (1.19.0)
      aws-sdk-core (~> 3, >= 3.61.1)
      aws-sigv4 (~> 1.1)
    aws-sdk-kinesisanalytics (1.20.0)
      aws-sdk-core (~> 3, >= 3.61.1)
      aws-sigv4 (~> 1.1)
    aws-sdk-kinesisanalyticsv2 (1.10.0)
      aws-sdk-core (~> 3, >= 3.61.1)
      aws-sigv4 (~> 1.1)
    aws-sdk-kinesisvideo (1.19.0)
      aws-sdk-core (~> 3, >= 3.61.1)
      aws-sigv4 (~> 1.1)
    aws-sdk-kinesisvideoarchivedmedia (1.18.0)
      aws-sdk-core (~> 3, >= 3.61.1)
      aws-sigv4 (~> 1.1)
    aws-sdk-kinesisvideomedia (1.17.0)
      aws-sdk-core (~> 3, >= 3.61.1)
      aws-sigv4 (~> 1.1)
    aws-sdk-kms (1.24.0)
      aws-sdk-core (~> 3, >= 3.61.1)
      aws-sigv4 (~> 1.1)
    aws-sdk-lakeformation (1.0.0)
      aws-sdk-core (~> 3, >= 3.61.1)
      aws-sigv4 (~> 1.1)
    aws-sdk-lambda (1.30.0)
      aws-sdk-core (~> 3, >= 3.61.1)
      aws-sigv4 (~> 1.1)
    aws-sdk-lambdapreview (1.15.0)
      aws-sdk-core (~> 3, >= 3.61.1)
      aws-sigv4 (~> 1.1)
    aws-sdk-lex (1.19.0)
      aws-sdk-core (~> 3, >= 3.61.1)
      aws-sigv4 (~> 1.1)
    aws-sdk-lexmodelbuildingservice (1.21.0)
      aws-sdk-core (~> 3, >= 3.61.1)
      aws-sigv4 (~> 1.1)
    aws-sdk-licensemanager (1.9.0)
      aws-sdk-core (~> 3, >= 3.61.1)
      aws-sigv4 (~> 1.1)
    aws-sdk-lightsail (1.25.0)
      aws-sdk-core (~> 3, >= 3.61.1)
      aws-sigv4 (~> 1.1)
    aws-sdk-machinelearning (1.16.0)
      aws-sdk-core (~> 3, >= 3.61.1)
      aws-sigv4 (~> 1.1)
    aws-sdk-macie (1.15.0)
      aws-sdk-core (~> 3, >= 3.61.1)
      aws-sigv4 (~> 1.1)
    aws-sdk-managedblockchain (1.6.0)
      aws-sdk-core (~> 3, >= 3.61.1)
      aws-sigv4 (~> 1.1)
    aws-sdk-marketplacecommerceanalytics (1.16.0)
      aws-sdk-core (~> 3, >= 3.61.1)
      aws-sigv4 (~> 1.1)
    aws-sdk-marketplaceentitlementservice (1.15.0)
      aws-sdk-core (~> 3, >= 3.61.1)
      aws-sigv4 (~> 1.1)
    aws-sdk-marketplacemetering (1.18.0)
      aws-sdk-core (~> 3, >= 3.61.1)
      aws-sigv4 (~> 1.1)
    aws-sdk-mediaconnect (1.15.0)
      aws-sdk-core (~> 3, >= 3.61.1)
      aws-sigv4 (~> 1.1)
    aws-sdk-mediaconvert (1.36.0)
      aws-sdk-core (~> 3, >= 3.61.1)
      aws-sigv4 (~> 1.1)
    aws-sdk-medialive (1.37.0)
      aws-sdk-core (~> 3, >= 3.61.1)
      aws-sigv4 (~> 1.1)
    aws-sdk-mediapackage (1.23.0)
      aws-sdk-core (~> 3, >= 3.61.1)
      aws-sigv4 (~> 1.1)
    aws-sdk-mediapackagevod (1.5.0)
      aws-sdk-core (~> 3, >= 3.61.1)
      aws-sigv4 (~> 1.1)
    aws-sdk-mediastore (1.19.0)
      aws-sdk-core (~> 3, >= 3.61.1)
      aws-sigv4 (~> 1.1)
    aws-sdk-mediastoredata (1.18.0)
      aws-sdk-core (~> 3, >= 3.61.1)
      aws-sigv4 (~> 1.1)
    aws-sdk-mediatailor (1.20.0)
      aws-sdk-core (~> 3, >= 3.61.1)
      aws-sigv4 (~> 1.1)
    aws-sdk-migrationhub (1.17.0)
      aws-sdk-core (~> 3, >= 3.61.1)
      aws-sigv4 (~> 1.1)
    aws-sdk-mobile (1.15.0)
      aws-sdk-core (~> 3, >= 3.61.1)
      aws-sigv4 (~> 1.1)
    aws-sdk-mq (1.22.0)
      aws-sdk-core (~> 3, >= 3.61.1)
      aws-sigv4 (~> 1.1)
    aws-sdk-mturk (1.18.0)
      aws-sdk-core (~> 3, >= 3.61.1)
      aws-sigv4 (~> 1.1)
    aws-sdk-neptune (1.18.0)
      aws-sdk-core (~> 3, >= 3.61.1)
      aws-sigv4 (~> 1.1)
    aws-sdk-opsworks (1.20.0)
      aws-sdk-core (~> 3, >= 3.61.1)
      aws-sigv4 (~> 1.1)
    aws-sdk-opsworkscm (1.24.0)
      aws-sdk-core (~> 3, >= 3.61.1)
      aws-sigv4 (~> 1.1)
    aws-sdk-organizations (1.33.0)
      aws-sdk-core (~> 3, >= 3.61.1)
      aws-sigv4 (~> 1.1)
    aws-sdk-personalize (1.5.0)
      aws-sdk-core (~> 3, >= 3.61.1)
      aws-sigv4 (~> 1.1)
    aws-sdk-personalizeevents (1.3.0)
      aws-sdk-core (~> 3, >= 3.61.1)
      aws-sigv4 (~> 1.1)
    aws-sdk-personalizeruntime (1.4.0)
      aws-sdk-core (~> 3, >= 3.61.1)
      aws-sigv4 (~> 1.1)
    aws-sdk-pi (1.15.0)
      aws-sdk-core (~> 3, >= 3.61.1)
      aws-sigv4 (~> 1.1)
    aws-sdk-pinpoint (1.28.0)
      aws-sdk-core (~> 3, >= 3.61.1)
      aws-sigv4 (~> 1.1)
    aws-sdk-pinpointemail (1.15.0)
      aws-sdk-core (~> 3, >= 3.61.1)
      aws-sigv4 (~> 1.1)
    aws-sdk-pinpointsmsvoice (1.12.0)
      aws-sdk-core (~> 3, >= 3.61.1)
      aws-sigv4 (~> 1.1)
    aws-sdk-polly (1.26.0)
      aws-sdk-core (~> 3, >= 3.61.1)
      aws-sigv4 (~> 1.1)
    aws-sdk-pricing (1.15.0)
      aws-sdk-core (~> 3, >= 3.61.1)
      aws-sigv4 (~> 1.1)
    aws-sdk-qldb (1.0.0)
      aws-sdk-core (~> 3, >= 3.61.1)
      aws-sigv4 (~> 1.1)
    aws-sdk-qldbsession (1.0.0)
      aws-sdk-core (~> 3, >= 3.61.1)
      aws-sigv4 (~> 1.1)
    aws-sdk-quicksight (1.12.0)
      aws-sdk-core (~> 3, >= 3.61.1)
      aws-sigv4 (~> 1.1)
    aws-sdk-ram (1.11.0)
      aws-sdk-core (~> 3, >= 3.61.1)
      aws-sigv4 (~> 1.1)
    aws-sdk-rds (1.67.0)
      aws-sdk-core (~> 3, >= 3.61.1)
      aws-sigv4 (~> 1.1)
    aws-sdk-rdsdataservice (1.12.0)
      aws-sdk-core (~> 3, >= 3.61.1)
      aws-sigv4 (~> 1.1)
    aws-sdk-redshift (1.32.0)
      aws-sdk-core (~> 3, >= 3.61.1)
      aws-sigv4 (~> 1.1)
    aws-sdk-rekognition (1.30.0)
      aws-sdk-core (~> 3, >= 3.61.1)
      aws-sigv4 (~> 1.1)
    aws-sdk-resourcegroups (1.20.0)
      aws-sdk-core (~> 3, >= 3.61.1)
      aws-sigv4 (~> 1.1)
    aws-sdk-resourcegroupstaggingapi (1.18.0)
      aws-sdk-core (~> 3, >= 3.61.1)
      aws-sigv4 (~> 1.1)
    aws-sdk-resources (3.54.1)
      aws-sdk-acm (~> 1)
      aws-sdk-acmpca (~> 1)
      aws-sdk-alexaforbusiness (~> 1)
      aws-sdk-amplify (~> 1)
      aws-sdk-apigateway (~> 1)
      aws-sdk-apigatewaymanagementapi (~> 1)
      aws-sdk-apigatewayv2 (~> 1)
      aws-sdk-applicationautoscaling (~> 1)
      aws-sdk-applicationdiscoveryservice (~> 1)
      aws-sdk-applicationinsights (~> 1)
      aws-sdk-appmesh (~> 1)
      aws-sdk-appstream (~> 1)
      aws-sdk-appsync (~> 1)
      aws-sdk-athena (~> 1)
      aws-sdk-autoscaling (~> 1)
      aws-sdk-autoscalingplans (~> 1)
      aws-sdk-backup (~> 1)
      aws-sdk-batch (~> 1)
      aws-sdk-budgets (~> 1)
      aws-sdk-chime (~> 1)
      aws-sdk-cloud9 (~> 1)
      aws-sdk-clouddirectory (~> 1)
      aws-sdk-cloudformation (~> 1)
      aws-sdk-cloudfront (~> 1)
      aws-sdk-cloudhsm (~> 1)
      aws-sdk-cloudhsmv2 (~> 1)
      aws-sdk-cloudsearch (~> 1)
      aws-sdk-cloudsearchdomain (~> 1)
      aws-sdk-cloudtrail (~> 1)
      aws-sdk-cloudwatch (~> 1)
      aws-sdk-cloudwatchevents (~> 1)
      aws-sdk-cloudwatchlogs (~> 1)
      aws-sdk-codebuild (~> 1)
      aws-sdk-codecommit (~> 1)
      aws-sdk-codedeploy (~> 1)
      aws-sdk-codepipeline (~> 1)
      aws-sdk-codestar (~> 1)
      aws-sdk-cognitoidentity (~> 1)
      aws-sdk-cognitoidentityprovider (~> 1)
      aws-sdk-cognitosync (~> 1)
      aws-sdk-comprehend (~> 1)
      aws-sdk-comprehendmedical (~> 1)
      aws-sdk-configservice (~> 1)
      aws-sdk-connect (~> 1)
      aws-sdk-costandusagereportservice (~> 1)
      aws-sdk-costexplorer (~> 1)
      aws-sdk-databasemigrationservice (~> 1)
      aws-sdk-datapipeline (~> 1)
      aws-sdk-datasync (~> 1)
      aws-sdk-dax (~> 1)
      aws-sdk-devicefarm (~> 1)
      aws-sdk-directconnect (~> 1)
      aws-sdk-directoryservice (~> 1)
      aws-sdk-dlm (~> 1)
      aws-sdk-docdb (~> 1)
      aws-sdk-dynamodb (~> 1)
      aws-sdk-dynamodbstreams (~> 1)
      aws-sdk-ec2 (~> 1)
      aws-sdk-ec2instanceconnect (~> 1)
      aws-sdk-ecr (~> 1)
      aws-sdk-ecs (~> 1)
      aws-sdk-efs (~> 1)
      aws-sdk-eks (~> 1)
      aws-sdk-elasticache (~> 1)
      aws-sdk-elasticbeanstalk (~> 1)
      aws-sdk-elasticloadbalancing (~> 1)
      aws-sdk-elasticloadbalancingv2 (~> 1)
      aws-sdk-elasticsearchservice (~> 1)
      aws-sdk-elastictranscoder (~> 1)
      aws-sdk-emr (~> 1)
      aws-sdk-eventbridge (~> 1)
      aws-sdk-firehose (~> 1)
      aws-sdk-fms (~> 1)
      aws-sdk-forecastqueryservice (~> 1)
      aws-sdk-forecastservice (~> 1)
      aws-sdk-fsx (~> 1)
      aws-sdk-gamelift (~> 1)
      aws-sdk-glacier (~> 1)
      aws-sdk-globalaccelerator (~> 1)
      aws-sdk-glue (~> 1)
      aws-sdk-greengrass (~> 1)
      aws-sdk-groundstation (~> 1)
      aws-sdk-guardduty (~> 1)
      aws-sdk-health (~> 1)
      aws-sdk-iam (~> 1)
      aws-sdk-importexport (~> 1)
      aws-sdk-inspector (~> 1)
      aws-sdk-iot (~> 1)
      aws-sdk-iot1clickdevicesservice (~> 1)
      aws-sdk-iot1clickprojects (~> 1)
      aws-sdk-iotanalytics (~> 1)
      aws-sdk-iotdataplane (~> 1)
      aws-sdk-iotevents (~> 1)
      aws-sdk-ioteventsdata (~> 1)
      aws-sdk-iotjobsdataplane (~> 1)
      aws-sdk-iotthingsgraph (~> 1)
      aws-sdk-kafka (~> 1)
      aws-sdk-kinesis (~> 1)
      aws-sdk-kinesisanalytics (~> 1)
      aws-sdk-kinesisanalyticsv2 (~> 1)
      aws-sdk-kinesisvideo (~> 1)
      aws-sdk-kinesisvideoarchivedmedia (~> 1)
      aws-sdk-kinesisvideomedia (~> 1)
      aws-sdk-kms (~> 1)
      aws-sdk-lakeformation (~> 1)
      aws-sdk-lambda (~> 1)
      aws-sdk-lambdapreview (~> 1)
      aws-sdk-lex (~> 1)
      aws-sdk-lexmodelbuildingservice (~> 1)
      aws-sdk-licensemanager (~> 1)
      aws-sdk-lightsail (~> 1)
      aws-sdk-machinelearning (~> 1)
      aws-sdk-macie (~> 1)
      aws-sdk-managedblockchain (~> 1)
      aws-sdk-marketplacecommerceanalytics (~> 1)
      aws-sdk-marketplaceentitlementservice (~> 1)
      aws-sdk-marketplacemetering (~> 1)
      aws-sdk-mediaconnect (~> 1)
      aws-sdk-mediaconvert (~> 1)
      aws-sdk-medialive (~> 1)
      aws-sdk-mediapackage (~> 1)
      aws-sdk-mediapackagevod (~> 1)
      aws-sdk-mediastore (~> 1)
      aws-sdk-mediastoredata (~> 1)
      aws-sdk-mediatailor (~> 1)
      aws-sdk-migrationhub (~> 1)
      aws-sdk-mobile (~> 1)
      aws-sdk-mq (~> 1)
      aws-sdk-mturk (~> 1)
      aws-sdk-neptune (~> 1)
      aws-sdk-opsworks (~> 1)
      aws-sdk-opsworkscm (~> 1)
      aws-sdk-organizations (~> 1)
      aws-sdk-personalize (~> 1)
      aws-sdk-personalizeevents (~> 1)
      aws-sdk-personalizeruntime (~> 1)
      aws-sdk-pi (~> 1)
      aws-sdk-pinpoint (~> 1)
      aws-sdk-pinpointemail (~> 1)
      aws-sdk-pinpointsmsvoice (~> 1)
      aws-sdk-polly (~> 1)
      aws-sdk-pricing (~> 1)
      aws-sdk-qldb (~> 1)
      aws-sdk-qldbsession (~> 1)
      aws-sdk-quicksight (~> 1)
      aws-sdk-ram (~> 1)
      aws-sdk-rds (~> 1)
      aws-sdk-rdsdataservice (~> 1)
      aws-sdk-redshift (~> 1)
      aws-sdk-rekognition (~> 1)
      aws-sdk-resourcegroups (~> 1)
      aws-sdk-resourcegroupstaggingapi (~> 1)
      aws-sdk-robomaker (~> 1)
      aws-sdk-route53 (~> 1)
      aws-sdk-route53domains (~> 1)
      aws-sdk-route53resolver (~> 1)
      aws-sdk-s3 (~> 1)
      aws-sdk-s3control (~> 1)
      aws-sdk-sagemaker (~> 1)
      aws-sdk-sagemakerruntime (~> 1)
      aws-sdk-secretsmanager (~> 1)
      aws-sdk-securityhub (~> 1)
      aws-sdk-serverlessapplicationrepository (~> 1)
      aws-sdk-servicecatalog (~> 1)
      aws-sdk-servicediscovery (~> 1)
      aws-sdk-servicequotas (~> 1)
      aws-sdk-ses (~> 1)
      aws-sdk-shield (~> 1)
      aws-sdk-signer (~> 1)
      aws-sdk-simpledb (~> 1)
      aws-sdk-sms (~> 1)
      aws-sdk-snowball (~> 1)
      aws-sdk-sns (~> 1)
      aws-sdk-sqs (~> 1)
      aws-sdk-ssm (~> 1)
      aws-sdk-states (~> 1)
      aws-sdk-storagegateway (~> 1)
      aws-sdk-support (~> 1)
      aws-sdk-swf (~> 1)
      aws-sdk-textract (~> 1)
      aws-sdk-transcribeservice (~> 1)
      aws-sdk-transcribestreamingservice (~> 1)
      aws-sdk-transfer (~> 1)
      aws-sdk-translate (~> 1)
      aws-sdk-waf (~> 1)
      aws-sdk-wafregional (~> 1)
      aws-sdk-workdocs (~> 1)
      aws-sdk-worklink (~> 1)
      aws-sdk-workmail (~> 1)
      aws-sdk-workmailmessageflow (~> 1)
      aws-sdk-workspaces (~> 1)
      aws-sdk-xray (~> 1)
    aws-sdk-robomaker (1.15.0)
      aws-sdk-core (~> 3, >= 3.61.1)
      aws-sigv4 (~> 1.1)
    aws-sdk-route53 (1.29.0)
      aws-sdk-core (~> 3, >= 3.61.1)
      aws-sigv4 (~> 1.1)
    aws-sdk-route53domains (1.17.0)
      aws-sdk-core (~> 3, >= 3.61.1)
      aws-sigv4 (~> 1.1)
    aws-sdk-route53resolver (1.10.0)
      aws-sdk-core (~> 3, >= 3.61.1)
      aws-sigv4 (~> 1.1)
    aws-sdk-s3 (1.48.0)
      aws-sdk-core (~> 3, >= 3.61.1)
      aws-sdk-kms (~> 1)
      aws-sigv4 (~> 1.1)
    aws-sdk-s3control (1.12.0)
      aws-sdk-core (~> 3, >= 3.61.1)
      aws-sigv4 (~> 1.1)
    aws-sdk-sagemaker (1.44.0)
      aws-sdk-core (~> 3, >= 3.61.1)
      aws-sigv4 (~> 1.1)
    aws-sdk-sagemakerruntime (1.16.0)
      aws-sdk-core (~> 3, >= 3.61.1)
      aws-sigv4 (~> 1.1)
    aws-sdk-secretsmanager (1.31.0)
      aws-sdk-core (~> 3, >= 3.61.1)
      aws-sigv4 (~> 1.1)
    aws-sdk-securityhub (1.13.0)
      aws-sdk-core (~> 3, >= 3.61.1)
      aws-sigv4 (~> 1.1)
    aws-sdk-serverlessapplicationrepository (1.21.0)
      aws-sdk-core (~> 3, >= 3.61.1)
      aws-sigv4 (~> 1.1)
    aws-sdk-servicecatalog (1.32.0)
      aws-sdk-core (~> 3, >= 3.61.1)
      aws-sigv4 (~> 1.1)
    aws-sdk-servicediscovery (1.18.0)
      aws-sdk-core (~> 3, >= 3.61.1)
      aws-sigv4 (~> 1.1)
    aws-sdk-servicequotas (1.2.0)
      aws-sdk-core (~> 3, >= 3.61.1)
      aws-sigv4 (~> 1.1)
    aws-sdk-ses (1.26.0)
      aws-sdk-core (~> 3, >= 3.61.1)
      aws-sigv4 (~> 1.1)
    aws-sdk-shield (1.20.0)
      aws-sdk-core (~> 3, >= 3.61.1)
      aws-sigv4 (~> 1.1)
    aws-sdk-signer (1.15.0)
      aws-sdk-core (~> 3, >= 3.61.1)
      aws-sigv4 (~> 1.1)
    aws-sdk-simpledb (1.15.0)
      aws-sdk-core (~> 3, >= 3.61.1)
      aws-sigv2 (~> 1.0)
    aws-sdk-sms (1.16.0)
      aws-sdk-core (~> 3, >= 3.61.1)
      aws-sigv4 (~> 1.1)
    aws-sdk-snowball (1.21.0)
      aws-sdk-core (~> 3, >= 3.61.1)
      aws-sigv4 (~> 1.1)
    aws-sdk-sns (1.19.0)
      aws-sdk-core (~> 3, >= 3.61.1)
      aws-sigv4 (~> 1.1)
    aws-sdk-sqs (1.22.0)
      aws-sdk-core (~> 3, >= 3.61.1)
      aws-sigv4 (~> 1.1)
    aws-sdk-ssm (1.57.0)
      aws-sdk-core (~> 3, >= 3.61.1)
      aws-sigv4 (~> 1.1)
    aws-sdk-states (1.22.0)
      aws-sdk-core (~> 3, >= 3.61.1)
      aws-sigv4 (~> 1.1)
    aws-sdk-storagegateway (1.32.0)
      aws-sdk-core (~> 3, >= 3.61.1)
      aws-sigv4 (~> 1.1)
    aws-sdk-support (1.15.0)
      aws-sdk-core (~> 3, >= 3.61.1)
      aws-sigv4 (~> 1.1)
    aws-sdk-swf (1.16.0)
      aws-sdk-core (~> 3, >= 3.61.1)
      aws-sigv4 (~> 1.1)
    aws-sdk-textract (1.10.0)
      aws-sdk-core (~> 3, >= 3.61.1)
      aws-sigv4 (~> 1.1)
    aws-sdk-transcribeservice (1.29.0)
      aws-sdk-core (~> 3, >= 3.61.1)
      aws-sigv4 (~> 1.1)
    aws-sdk-transcribestreamingservice (1.8.0)
      aws-sdk-core (~> 3, >= 3.61.1)
      aws-sigv4 (~> 1.1)
    aws-sdk-transfer (1.13.0)
      aws-sdk-core (~> 3, >= 3.61.1)
      aws-sigv4 (~> 1.1)
    aws-sdk-translate (1.17.0)
      aws-sdk-core (~> 3, >= 3.61.1)
      aws-sigv4 (~> 1.1)
    aws-sdk-waf (1.25.0)
      aws-sdk-core (~> 3, >= 3.61.1)
      aws-sigv4 (~> 1.1)
    aws-sdk-wafregional (1.26.0)
      aws-sdk-core (~> 3, >= 3.61.1)
      aws-sigv4 (~> 1.1)
    aws-sdk-workdocs (1.18.0)
      aws-sdk-core (~> 3, >= 3.61.1)
      aws-sigv4 (~> 1.1)
    aws-sdk-worklink (1.11.0)
      aws-sdk-core (~> 3, >= 3.61.1)
      aws-sigv4 (~> 1.1)
    aws-sdk-workmail (1.18.0)
      aws-sdk-core (~> 3, >= 3.61.1)
      aws-sigv4 (~> 1.1)
    aws-sdk-workmailmessageflow (1.0.0)
      aws-sdk-core (~> 3, >= 3.61.1)
      aws-sigv4 (~> 1.1)
    aws-sdk-workspaces (1.28.0)
      aws-sdk-core (~> 3, >= 3.61.1)
      aws-sigv4 (~> 1.1)
    aws-sdk-xray (1.20.0)
      aws-sdk-core (~> 3, >= 3.61.1)
      aws-sigv4 (~> 1.1)
    aws-sigv2 (1.0.1)
    aws-sigv4 (1.1.0)
      aws-eventstream (~> 1.0, >= 1.0.2)
    babel-source (5.8.35)
    babel-transpiler (0.7.0)
      babel-source (>= 4.0, < 6)
      execjs (~> 2.0)
    bcrypt (3.1.13)
    binding_of_caller (0.8.0)
      debug_inspector (>= 0.0.1)
    builder (3.2.3)
    character_set (1.4.0)
    client_side_validations (16.0.3)
      jquery-rails (~> 4.3)
      js_regex (~> 3.1)
      rails (>= 5.0.0.1, < 6.1)
    coderay (1.1.2)
    coffee-rails (4.2.2)
      coffee-script (>= 2.2.0)
      railties (>= 4.0.0)
    coffee-script (2.4.1)
      coffee-script-source
      execjs
    coffee-script-source (1.12.2)
    concurrent-ruby (1.1.5)
    crack (0.4.3)
      safe_yaml (~> 1.0.0)
    cranky (1.1.0)
    crass (1.0.5)
    database_cleaner (1.7.0)
    debug_inspector (0.0.3)
    devise (4.7.1)
      bcrypt (~> 3.0)
      orm_adapter (~> 0.1)
      railties (>= 4.1.0)
      responders
      warden (~> 1.2.3)
    docile (1.3.2)
    erubis (2.7.0)
    execjs (2.7.0)
    faker (2.5.0)
      i18n (~> 1.6.0)
    ffi (1.11.1)
    figaro (1.1.1)
      thor (~> 0.14)
    font-awesome-rails (4.7.0.5)
      railties (>= 3.2, < 6.1)
    formtastic (3.1.5)
      actionpack (>= 3.2.13)
    formtastic_i18n (0.6.0)
    globalid (0.4.2)
      activesupport (>= 4.2.0)
    has_scope (0.7.2)
      actionpack (>= 4.1)
      activesupport (>= 4.1)
    hashdiff (1.0.0)
    httparty (0.17.1)
      mime-types (~> 3.0)
      multi_xml (>= 0.5.2)
    i18n (1.6.0)
      concurrent-ruby (~> 1.0)
    inherited_resources (1.11.0)
      actionpack (>= 5.0, < 6.1)
      has_scope (~> 0.6)
      railties (>= 5.0, < 6.1)
      responders (>= 2, < 4)
    interception (0.5)
    jaro_winkler (1.5.3)
    jmespath (1.4.0)
    jquery-rails (4.3.5)
      rails-dom-testing (>= 1, < 3)
      railties (>= 4.2.0)
      thor (>= 0.14, < 2.0)
    jquery-ui-rails (6.0.1)
      railties (>= 3.2.16)
    js_regex (3.5.0)
      character_set (~> 1.4)
      regexp_parser (~> 1.6)
      regexp_property_values (~> 1.0)
    json (2.2.0)
    kaminari (1.1.1)
      activesupport (>= 4.1.0)
      kaminari-actionview (= 1.1.1)
      kaminari-activerecord (= 1.1.1)
      kaminari-core (= 1.1.1)
    kaminari-actionview (1.1.1)
      actionview
      kaminari-core (= 1.1.1)
    kaminari-activerecord (1.1.1)
      activerecord
      kaminari-core (= 1.1.1)
    kaminari-core (1.1.1)
    lograge (0.11.2)
      actionpack (>= 4)
      activesupport (>= 4)
      railties (>= 4)
      request_store (~> 1.0)
    logstash-event (1.2.02)
    loofah (2.4.0)
      crass (~> 1.0.2)
      nokogiri (>= 1.5.9)
    mail (2.7.1)
      mini_mime (>= 0.1.1)
    method_source (0.9.2)
    mime-types (3.3)
      mime-types-data (~> 3.2015)
    mime-types-data (3.2019.0904)
    mini_mime (1.0.2)
    mini_portile2 (2.4.0)
    minitest (5.6.1)
    multi_xml (0.6.0)
    nio4r (2.5.2)
    nokogiri (1.10.4)
      mini_portile2 (~> 2.4.0)
    open_uri_redirections (0.2.1)
    orm_adapter (0.5.0)
    parallel (1.18.0)
    parser (2.6.5.0)
      ast (~> 2.4.0)
    pg (0.21.0)
    polyamorous (2.3.0)
      activerecord (>= 5.0)
    power_assert (1.1.5)
    powerpack (0.1.2)
    pry (0.12.2)
      coderay (~> 1.1.0)
      method_source (~> 0.9.0)
    pry-nav (0.3.0)
      pry (>= 0.9.10, < 0.13.0)
    pry-rails (0.3.9)
      pry (>= 0.10.4)
    pry-remote (0.1.8)
      pry (~> 0.9)
      slop (~> 3.0)
    pry-rescue (1.5.0)
      interception (>= 0.5)
      pry (>= 0.12.0)
    pry-stack_explorer (0.4.9.3)
      binding_of_caller (>= 0.7)
      pry (>= 0.9.11)
    public_suffix (4.0.1)
    rack (2.0.7)
    rack-cors (1.0.5)
      rack (>= 1.6.0)
    rack-test (0.6.3)
      rack (>= 1.0)
    rails (5.0.7.1)
      actioncable (= 5.0.7.1)
      actionmailer (= 5.0.7.1)
      actionpack (= 5.0.7.1)
      actionview (= 5.0.7.1)
      activejob (= 5.0.7.1)
      activemodel (= 5.0.7.1)
      activerecord (= 5.0.7.1)
      activesupport (= 5.0.7.1)
      bundler (>= 1.3.0)
      railties (= 5.0.7.1)
      sprockets-rails (>= 2.0.0)
    rails-dom-testing (2.0.3)
      activesupport (>= 4.2.0)
      nokogiri (>= 1.6)
    rails-html-sanitizer (1.3.0)
      loofah (~> 2.3)
    railties (5.0.7.1)
      actionpack (= 5.0.7.1)
      activesupport (= 5.0.7.1)
      method_source
      rake (>= 0.8.7)
      thor (>= 0.18.1, < 2.0)
    rainbow (3.0.0)
    rake (13.0.0)
    ransack (2.3.0)
      actionpack (>= 5.0)
      activerecord (>= 5.0)
      activesupport (>= 5.0)
      i18n
      polyamorous (= 2.3.0)
    regexp_parser (1.6.0)
    regexp_property_values (1.0.0)
    request_store (1.4.1)
      rack (>= 1.4)
    responders (3.0.0)
      actionpack (>= 5.0)
      railties (>= 5.0)
    rubocop (0.59.2)
      jaro_winkler (~> 1.5.1)
      parallel (~> 1.10)
      parser (>= 2.5, != 2.5.1.1)
      powerpack (~> 0.1)
      rainbow (>= 2.2.2, < 4.0)
      ruby-progressbar (~> 1.7)
      unicode-display_width (~> 1.0, >= 1.0.1)
    ruby-progressbar (1.10.1)
    safe_yaml (1.0.5)
    sass-rails (6.0.0)
      sassc-rails (~> 2.1, >= 2.1.1)
    sassc (2.2.1)
      ffi (~> 1.9)
    sassc-rails (2.1.2)
      railties (>= 4.0.0)
      sassc (>= 2.0)
      sprockets (> 3.0)
      sprockets-rails
      tilt
    simplecov (0.17.1)
      docile (~> 1.1)
      json (>= 1.8, < 3)
      simplecov-html (~> 0.10.0)
    simplecov-html (0.10.2)
    slop (3.6.0)
    sprockets (4.0.0)
      concurrent-ruby (~> 1.0)
      rack (> 1, < 3)
    sprockets-es6 (0.9.2)
      babel-source (>= 5.8.11)
      babel-transpiler
      sprockets (>= 3.0.0)
    sprockets-rails (3.2.1)
      actionpack (>= 4.0)
      activesupport (>= 4.0)
      sprockets (>= 3.0.0)
    test-unit (3.3.4)
      power_assert
    thor (0.20.3)
    thread_safe (0.3.6)
    tilt (2.0.10)
    tzinfo (1.2.5)
      thread_safe (~> 0.1)
    uglifier (4.2.0)
      execjs (>= 0.3.0, < 3)
    unicode-display_width (1.6.0)
    warden (1.2.8)
      rack (>= 2.0.6)
    webmock (3.7.6)
      addressable (>= 2.3.6)
      crack (>= 0.3.2)
      hashdiff (>= 0.4.0, < 2.0.0)
    websocket-driver (0.6.5)
      websocket-extensions (>= 0.1.0)
    websocket-extensions (0.1.4)
    will_paginate (3.1.8)
    yaml_db (0.7.0)
      rails (>= 3.0)
      rake (>= 0.8.7)

PLATFORMS
  ruby

DEPENDENCIES
  actionpack (= 5.0.7.1)
  active_model_serializers (~> 0.8.1)
  activeadmin (= 2.4.0)
  activemodel (= 5.0.7.1)
  addressable
  auto-session-timeout
  aws-sdk (~> 3)
  client_side_validations (= 16.0.3)
  coffee-rails
  cranky
  database_cleaner
  devise (>= 4.4.3)
  faker
  figaro
  font-awesome-rails
  httparty
  jquery-rails (> 4.0)
  jquery-ui-rails
  json
  lograge
  logstash-event
  minitest (~> 5.6.1)
  nokogiri
  open_uri_redirections
  paper_trail!
  pg (~> 0.18)
  pry (>= 0.10.0)
  pry-nav (>= 0.2.4)
  pry-rails
  pry-remote
  pry-rescue
  pry-stack_explorer
  rack-cors
  rails (= 5.0.7.1)
  rubocop (~> 0.59.1)
  sass-rails
  simplecov (~> 0.17.1)
  test-unit
  uglifier (>= 1.0.3)
  webmock
  will_paginate (~> 3.0)
  yaml_db

RUBY VERSION
   ruby 2.5.7p206

BUNDLED WITH
   1.17.1
